{
	"Manufacturer": "Siemens",
	"ManufacturersModelName": "Prisma",
	"ProcedureStepDescription": "Bernhardt-walther_Yaelan",
	"ScanningSequence": "EP",
	"SequenceVariant": "SK",
	"SeriesDescription": "ep2d_bold_p1_s4_FPO_localizer2",
	"BodyPartExamined": "BRAIN",
	"ProtocolName": "ep2d_bold_p1_s4_FPO_localizer2",
	"SequenceName": "_epfid2d1_110",
	"ImageType": ["ORIGINAL", "PRIMARY", "M", "ND", "NORM", "MOSAIC"],
	"AcquisitionDateTime": "2018-02-26T10:52:46.455000",
	"MagneticFieldStrength": 3,
	"FlipAngle": 70,
	"EchoTime": 0.032,
	"RepetitionTime": 2,
	"EffectiveEchoSpacing": 0.000559992,
	"SliceTiming": [
		0.9325,
		0,
		1.0475,
		0.1175,
		1.165,
		0.2325,
		1.2825,
		0.35,
		1.3975,
		0.465,
		1.515,
		0.5825,
		1.63,
		0.7,
		1.7475,
		0.815,
		1.8625,
		0.9325,
		0,
		1.0475,
		0.1175,
		1.165,
		0.2325,
		1.2825,
		0.35,
		1.3975,
		0.465,
		1.515,
		0.5825,
		1.63,
		0.7,
		1.7475,
		0.815,
		1.8625,
		0.9325,
		0,
		1.0475,
		0.1175,
		1.165,
		0.2325,
		1.2825,
		0.35,
		1.3975,
		0.465,
		1.515,
		0.5825,
		1.63,
		0.7,
		1.7475,
		0.815,
		1.8625,
		0.9325,
		0,
		1.0475,
		0.1175,
		1.165,
		0.2325,
		1.2825,
		0.35,
		1.3975,
		0.465,
		1.515,
		0.5825,
		1.63,
		0.7,
		1.7475,
		0.815,
		1.8625	],
	"PhaseEncodingDirection": "j-",
	"ConversionSoftware": "dcm2niix",
	"ConversionSoftwareVersion": "v1.0.20170411 GCC4.3.2",
			"TaskName": "fpo"
}
