{
	"Modality": "MR",
	"MagneticFieldStrength": 3,
	"Manufacturer": "Siemens",
	"ManufacturersModelName": "Prisma",
	"InstitutionName": "University_of_Toronto",
	"InstitutionalDepartmentName": "Department",
	"InstitutionAddress": "Huron_325_TORONTO_ONTARIO_CA_M5S_3G3",
	"DeviceSerialNumber": "66108",
	"StationName": "AWP66108",
	"BodyPartExamined": "BRAIN",
	"PatientPosition": "HFS",
	"ProcedureStepDescription": "Bernhardt-walther_John",
	"SoftwareVersions": "syngo_MR_E11",
	"MRAcquisitionType": "2D",
	"SeriesDescription": "ep2d_bold_p1_s4_bowtie1",
	"ProtocolName": "ep2d_bold_p1_s4_bowtie1",
	"ScanningSequence": "EP",
	"SequenceVariant": "SK",
	"ScanOptions": "PFP_FS",
	"SequenceName": "_epfid2d1_150",
	"ImageType": ["ORIGINAL", "PRIMARY", "M", "ND", "NORM", "MOSAIC"],
	"SeriesNumber": 18,
	"AcquisitionTime": "14:41:44.805000",
	"AcquisitionNumber": 1,
	"SliceThickness": 1.3,
	"SpacingBetweenSlices": 1.3,
	"SAR": 0.0289815,
	"EchoTime": 0.035,
	"RepetitionTime": 2,
	"FlipAngle": 65,
	"PartialFourier": 0.875,
	"BaseResolution": 150,
	"ShimSetting": [
		-1024,
		-6953,
		-6395,
		257,
		-46,
		223,
		-71,
		-45	],
	"TxRefAmp": 226.611,
	"PhaseResolution": 1,
	"ReceiveCoilName": "Head_32",
	"ReceiveCoilActiveElements": "HEA;HEP",
	"PulseSequenceDetails": "%SiemensSeq%_ep2d_bold",
	"ConsistencyInfo": "N4_VE11C_LATEST_20160120",
	"MultibandAccelerationFactor": 3,
	"PercentPhaseFOV": 100,
	"EchoTrainLength": 66,
	"PhaseEncodingSteps": 131,
	"AcquisitionMatrixPE": 150,
	"ReconMatrixPE": 150,
	"BandwidthPerPixelPhaseEncode": 14.337,
	"ParallelReductionFactorInPlane": 2,
	"EffectiveEchoSpacing": 0.000464997,
	"DerivedVendorReportedEchoSpacing": 0.000929995,
	"TotalReadoutTime": 0.0692846,
	"PixelBandwidth": 1755,
	"DwellTime": 1.9e-06,
	"PhaseEncodingDirection": "i",
	"SliceTiming": [
		1.4275,
		0,
		0.9875,
		0.11,
		1.0975,
		0.22,
		1.2075,
		0.33,
		1.3175,
		0.5475,
		1.5375,
		0.6575,
		1.6475,
		0.7675,
		1.7575,
		0.8775,
		1.8675,
		0.4375,
		1.4275,
		0,
		0.9875,
		0.11,
		1.0975,
		0.22,
		1.2075,
		0.33,
		1.3175,
		0.5475,
		1.5375,
		0.6575,
		1.6475,
		0.7675,
		1.7575,
		0.8775,
		1.8675,
		0.4375,
		1.4275,
		0,
		0.9875,
		0.11,
		1.0975,
		0.22,
		1.2075,
		0.33,
		1.3175,
		0.5475,
		1.5375,
		0.6575,
		1.6475,
		0.7675,
		1.7575,
		0.8775,
		1.8675,
		0.4375	],
	"ImageOrientationPatientDICOM": [
		0.999791,
		0.0123922,
		-0.0162436,
		-0.0203669,
		0.667385,
		-0.744435	],
	"InPlanePhaseEncodingDirectionDICOM": "ROW",
	"ConversionSoftware": "dcm2niix",
	"ConversionSoftwareVersion": "v1.0.20180403 GCC5.4.0",
	"TaskName": "bowtie"
}
