{
	"Modality": "MR",
	"MagneticFieldStrength": 3,
	"Manufacturer": "Siemens",
	"ManufacturersModelName": "Prisma",
	"InstitutionName": "University_of_Toronto",
	"InstitutionalDepartmentName": "Department",
	"InstitutionAddress": "Huron_325_TORONTO_ONTARIO_CA_M5S_3G3",
	"DeviceSerialNumber": "66108",
	"StationName": "AWP66108",
	"BodyPartExamined": "BRAIN",
	"PatientPosition": "HFS",
	"ProcedureStepDescription": "Bernhardt-walther_John",
	"SoftwareVersions": "syngo_MR_E11",
	"MRAcquisitionType": "2D",
	"SeriesDescription": "ep2d_bold_p2_s3_bowtie1",
	"ProtocolName": "ep2d_bold_p2_s3_bowtie1",
	"ScanningSequence": "EP",
	"SequenceVariant": "SK",
	"ScanOptions": "PFP_FS",
	"SequenceName": "_epfid2d1_150",
	"ImageType": ["ORIGINAL", "PRIMARY", "M", "ND", "NORM", "MOSAIC"],
	"SeriesNumber": 11,
	"AcquisitionTime": "14:59:23.420000",
	"AcquisitionNumber": 1,
	"SliceThickness": 1.3,
	"SpacingBetweenSlices": 1.3,
	"SAR": 0.0301622,
	"EchoTime": 0.035,
	"RepetitionTime": 2,
	"FlipAngle": 65,
	"PartialFourier": 0.875,
	"BaseResolution": 150,
	"ShimSetting": [
		-1057,
		-6956,
		-6397,
		426,
		-19,
		311,
		-214,
		-6	],
	"TxRefAmp": 220.095,
	"PhaseResolution": 1,
	"ReceiveCoilName": "Head_32",
	"ReceiveCoilActiveElements": "HEA;HEP",
	"PulseSequenceDetails": "%SiemensSeq%_ep2d_bold",
	"ConsistencyInfo": "N4_VE11C_LATEST_20160120",
	"MultibandAccelerationFactor": 3,
	"PercentPhaseFOV": 100,
	"EchoTrainLength": 66,
	"PhaseEncodingSteps": 131,
	"AcquisitionMatrixPE": 150,
	"ReconMatrixPE": 150,
	"BandwidthPerPixelPhaseEncode": 14.337,
	"ParallelReductionFactorInPlane": 2,
	"EffectiveEchoSpacing": 0.000464997,
	"DerivedVendorReportedEchoSpacing": 0.000929995,
	"TotalReadoutTime": 0.0692846,
	"PixelBandwidth": 1755,
	"DwellTime": 1.9e-06,
	"PhaseEncodingDirection": "j-",
	"SliceTiming": [
		1.4275,
		0,
		0.99,
		0.11,
		1.1,
		0.22,
		1.2075,
		0.33,
		1.3175,
		0.55,
		1.5375,
		0.66,
		1.6475,
		0.77,
		1.7575,
		0.88,
		1.8675,
		0.44,
		1.4275,
		0,
		0.99,
		0.11,
		1.1,
		0.22,
		1.2075,
		0.33,
		1.3175,
		0.55,
		1.5375,
		0.66,
		1.6475,
		0.77,
		1.7575,
		0.88,
		1.8675,
		0.44,
		1.4275,
		0,
		0.99,
		0.11,
		1.1,
		0.22,
		1.2075,
		0.33,
		1.3175,
		0.55,
		1.5375,
		0.66,
		1.6475,
		0.77,
		1.7575,
		0.88,
		1.8675,
		0.44	],
	"ImageOrientationPatientDICOM": [
		0.99537,
		0.0597162,
		-0.0753101,
		-0.0935644,
		0.781274,
		-0.617135	],
	"InPlanePhaseEncodingDirectionDICOM": "COL",
	"ConversionSoftware": "dcm2niix",
	"ConversionSoftwareVersion": "v1.0.20180403 GCC5.4.0",
	"TaskName": "bowtie"
}
