{
				"Modality": "MR",
				"MagneticFieldStrength": 3,
				"Manufacturer": "Siemens",
				"ManufacturersModelName": "Prisma",
				"InstitutionName": "University_of_Toronto",
				"InstitutionalDepartmentName": "Department",
				"InstitutionAddress": "Huron_325_TORONTO_ONTARIO_CA_M5S_3G3",
				"DeviceSerialNumber": "66108",
				"StationName": "AWP66108",
				"BodyPartExamined": "BRAIN",
				"PatientPosition": "HFS",
				"ProcedureStepDescription": "Bernhardt-walther_John",
				"SoftwareVersions": "syngo_MR_E11",
				"MRAcquisitionType": "2D",
				"SeriesDescription": "ep2d_bold_p2_s3_bowtie2",
				"ProtocolName": "ep2d_bold_p2_s3_bowtie2",
				"ScanningSequence": "EP",
				"SequenceVariant": "SK",
				"ScanOptions": "PFP_FS",
				"SequenceName": "_epfid2d1_150",
				"ImageType": [
					"ORIGINAL",
					"PRIMARY",
					"M",
					"ND",
					"NORM",
					"MOSAIC"
				],
				"SeriesNumber": 12,
				"AcquisitionTime": "14:53:3.277500",
				"AcquisitionNumber": 1,
				"SliceThickness": 1.3,
				"SpacingBetweenSlices": 1.3,
				"SAR": 0.0361833,
				"EchoTime": 0.035,
				"RepetitionTime": 2,
				"FlipAngle": 65,
				"PartialFourier": 0.875,
				"BaseResolution": 150,
				"ShimSetting": [-1029,-6974,-6291,397,9,161,-24,-77],
				"TxRefAmp": 243.422,
				"PhaseResolution": 1,
				"ReceiveCoilName": "Head_32",
				"ReceiveCoilActiveElements": "HEA;HEP",
				"PulseSequenceDetails": "%SiemensSeq%_ep2d_bold",
				"ConsistencyInfo": "N4_VE11C_LATEST_20160120",
				"MultibandAccelerationFactor": 3,
				"PercentPhaseFOV": 100,
				"EchoTrainLength": 66,
				"PhaseEncodingSteps": 131,
				"AcquisitionMatrixPE": 150,
				"ReconMatrixPE": 150,
				"BandwidthPerPixelPhaseEncode": 14.337,
				"ParallelReductionFactorInPlane": 2,
				"EffectiveEchoSpacing": 0.000464997,
				"DerivedVendorReportedEchoSpacing": 0.000929995,
				"TotalReadoutTime": 0.0692846,
				"PixelBandwidth": 1755,
				"DwellTime": 1.9e-06,
				"PhaseEncodingDirection": "j-",
				"SliceTiming": [1.43,0,0.99,0.11,1.1,0.22,1.21,0.33,1.32,0.55,1.54,0.66,1.65,0.77,1.76,0.88,1.87,0.44,1.43,0,0.99,0.11,1.1,0.22,1.21,0.33,1.32,0.55,1.54,0.66,1.65,0.77,1.76,0.88,1.87,0.44,1.43,0,0.99,0.11,1.1,0.22,1.21,0.33,1.32,0.55,1.54,0.66,1.65,0.77,1.76,0.88,1.87,0.44],
				"ImageOrientationPatientDICOM": [0.999371,-0.027014,0.0229767,0.0352481,0.827981,-0.559648],
				"InPlanePhaseEncodingDirectionDICOM": "COL",
				"ConversionSoftware": "dcm2niix",
				"ConversionSoftwareVersion": "v1.0.20180403 GCC5.4.0",
				"TaskName": "bowtie"
}
