{
	"Modality": "MR",
	"MagneticFieldStrength": 3,
	"Manufacturer": "Siemens",
	"ManufacturersModelName": "Prisma",
	"InstitutionName": "University_of_Toronto",
	"InstitutionalDepartmentName": "Department",
	"InstitutionAddress": "Huron_325_TORONTO_ONTARIO_CA_M5S_3G3",
	"DeviceSerialNumber": "66108",
	"StationName": "AWP66108",
	"BodyPartExamined": "BRAIN",
	"PatientPosition": "HFS",
	"ProcedureStepDescription": "Bernhardt-walther_John",
	"SoftwareVersions": "syngo_MR_E11",
	"MRAcquisitionType": "2D",
	"SeriesDescription": "ep2d_bold_p2_S3_WholeBrain",
	"ProtocolName": "ep2d_bold_p2_S3_WholeBrain",
	"ScanningSequence": "EP",
	"SequenceVariant": "SK",
	"ScanOptions": "PFP_FS",
	"SequenceName": "_epfid2d1_150",
	"ImageType": [
		"ORIGINAL",
		"PRIMARY",
		"M",
		"ND",
		"NORM",
		"MOSAIC"
	],
	"SeriesNumber": 13,
	"AcquisitionTime": "09:54:22.262500",
	"AcquisitionNumber": 1,
	"SliceThickness": 1.3,
	"SpacingBetweenSlices": 1.3,
	"SAR": 0.0288276,
	"EchoTime": 0.035,
	"RepetitionTime": 4,
	"FlipAngle": 65,
	"PartialFourier": 0.875,
	"BaseResolution": 150,
	"ShimSetting": [-1029,-6986,-6426,404,47,-137,-50,-7],
	"TxRefAmp": 252.593,
	"PhaseResolution": 1,
	"ReceiveCoilName": "Head_32",
	"ReceiveCoilActiveElements": "HEA;HEP",
	"PulseSequenceDetails": "%SiemensSeq%_ep2d_bold",
	"ConsistencyInfo": "N4_VE11C_LATEST_20160120",
	"MultibandAccelerationFactor": 3,
	"PercentPhaseFOV": 100,
	"EchoTrainLength": 66,
	"PhaseEncodingSteps": 131,
	"AcquisitionMatrixPE": 150,
	"ReconMatrixPE": 150,
	"BandwidthPerPixelPhaseEncode": 14.337,
	"ParallelReductionFactorInPlane": 2,
	"EffectiveEchoSpacing": 0.000464997,
	"DerivedVendorReportedEchoSpacing": 0.000929995,
	"TotalReadoutTime": 0.0692846,
	"PixelBandwidth": 1755,
	"DwellTime": 1.9e-06,
	"PhaseEncodingDirection": "i",
	"SliceTiming": [0,2.045,0.1075,2.1525,0.215,2.26,0.3225,2.3675,0.4325,2.475,0.54,2.5825,0.6475,2.69,0.755,2.7975,0.8625,2.905,0.97,3.0125,1.0775,3.12,1.185,3.2275,1.2925,3.335,1.4,3.4425,1.5075,3.55,1.615,3.6575,1.7225,3.765,1.83,3.8725,1.9375,0,2.045,0.1075,2.1525,0.215,2.26,0.3225,2.3675,0.4325,2.475,0.54,2.5825,0.6475,2.69,0.755,2.7975,0.8625,2.905,0.97,3.0125,1.0775,3.12,1.185,3.2275,1.2925,3.335,1.4,3.4425,1.5075,3.55,1.615,3.6575,1.7225,3.765,1.83,3.8725,1.9375,0,2.045,0.1075,2.1525,0.215,2.26,0.3225,2.3675,0.4325,2.475,0.54,2.5825,0.6475,2.69,0.755,2.7975,0.8625,2.905,0.97,3.0125,1.0775,3.12,1.185,3.2275,1.2925,3.335,1.4,3.4425,1.5075,3.55,1.615,3.6575,1.7225,3.765,1.83,3.8725,1.9375],
	"ImageOrientationPatientDICOM": [0.994556,0.0573825,-0.0869807,-0.103809,0.618203,-0.779133],
	"InPlanePhaseEncodingDirectionDICOM": "ROW",
	"ConversionSoftware": "dcm2niix",
	"ConversionSoftwareVersion": "v1.0.20180403 GCC5.4.0",
	"TaskName": "wholebrain"
}
