{
			"Modality": "MR",
			"MagneticFieldStrength": 3,
			"Manufacturer": "Siemens",
			"ManufacturersModelName": "Prisma",
			"InstitutionName": "University_of_Toronto",
			"InstitutionalDepartmentName": "Department",
			"InstitutionAddress": "Huron_325_TORONTO_ONTARIO_CA_M5S_3G3",
			"DeviceSerialNumber": "66108",
			"StationName": "AWP66108",
			"BodyPartExamined": "BRAIN",
			"PatientPosition": "HFS",
			"ProcedureStepDescription": "Bernhardt-walther_John",
			"SoftwareVersions": "syngo_MR_E11",
			"MRAcquisitionType": "2D",
			"SeriesDescription": "ep2d_bold_p2_S3_WholeBrain",
			"ProtocolName": "ep2d_bold_p2_S3_WholeBrain",
			"ScanningSequence": "EP",
			"SequenceVariant": "SK",
			"ScanOptions": "PFP_FS",
			"SequenceName": "_epfid2d1_150",
			"ImageType": [
				"ORIGINAL",
				"PRIMARY",
				"M",
				"ND",
				"NORM",
				"MOSAIC"
			],
			"SeriesNumber": 13,
			"AcquisitionTime": "11:28:34.255000",
			"AcquisitionNumber": 1,
			"SliceThickness": 1.3,
			"SpacingBetweenSlices": 1.3,
			"SAR": 0.0301507,
			"EchoTime": 0.035,
			"RepetitionTime": 4,
			"FlipAngle": 65,
			"PartialFourier": 0.875,
			"BaseResolution": 150,
			"ShimSetting": [-1016,-6975,-6402,386,46,-9,-155,-36],
			"TxRefAmp": 229.501,
			"PhaseResolution": 1,
			"ReceiveCoilName": "Head_32",
			"ReceiveCoilActiveElements": "HEA;HEP",
			"PulseSequenceDetails": "%SiemensSeq%_ep2d_bold",
			"ConsistencyInfo": "N4_VE11C_LATEST_20160120",
			"MultibandAccelerationFactor": 3,
			"PercentPhaseFOV": 100,
			"EchoTrainLength": 66,
			"PhaseEncodingSteps": 131,
			"AcquisitionMatrixPE": 150,
			"ReconMatrixPE": 150,
			"BandwidthPerPixelPhaseEncode": 14.337,
			"ParallelReductionFactorInPlane": 2,
			"EffectiveEchoSpacing": 0.000464997,
			"DerivedVendorReportedEchoSpacing": 0.000929995,
			"TotalReadoutTime": 0.0692846,
			"PixelBandwidth": 1755,
			"DwellTime": 1.9e-06,
			"PhaseEncodingDirection": "j-",
			"SliceTiming": [0,2.0425,0.1075,2.15,0.215,2.2575,0.3225,2.365,0.43,2.4725,0.5375,2.58,0.645,2.6875,0.7525,2.795,0.86,2.9025,0.9675,3.01,1.075,3.1175,1.1825,3.225,1.29,3.3325,1.3975,3.4425,1.505,3.55,1.6125,3.6575,1.72,3.765,1.8275,3.8725,1.935,0,2.0425,0.1075,2.15,0.215,2.2575,0.3225,2.365,0.43,2.4725,0.5375,2.58,0.645,2.6875,0.7525,2.795,0.86,2.9025,0.9675,3.01,1.075,3.1175,1.1825,3.225,1.29,3.3325,1.3975,3.4425,1.505,3.55,1.6125,3.6575,1.72,3.765,1.8275,3.8725,1.935,0,2.0425,0.1075,2.15,0.215,2.2575,0.3225,2.365,0.43,2.4725,0.5375,2.58,0.645,2.6875,0.7525,2.795,0.86,2.9025,0.9675,3.01,1.075,3.1175,1.1825,3.225,1.29,3.3325,1.3975,3.4425,1.505,3.55,1.6125,3.6575,1.72,3.765,1.8275,3.8725,1.935],
			"ImageOrientationPatientDICOM": [0.996276,0.0747028,-0.0430561,-0.0834845,0.710914,-0.698306],
			"InPlanePhaseEncodingDirectionDICOM": "COL",
			"ConversionSoftware": "dcm2niix",
			"ConversionSoftwareVersion": "v1.0.20180403 GCC5.4.0",
			"TaskName": "wholebrain"
}
