{
	"Modality": "MR",
	"MagneticFieldStrength": 3,
	"Manufacturer": "Siemens",
	"ManufacturersModelName": "Prisma",
	"InstitutionName": "University_of_Toronto",
	"InstitutionalDepartmentName": "Department",
	"InstitutionAddress": "Huron_325_TORONTO_ONTARIO_CA_M5S_3G3",
	"DeviceSerialNumber": "66108",
	"StationName": "AWP66108",
	"BodyPartExamined": "BRAIN",
	"PatientPosition": "HFS",
	"ProcedureStepDescription": "Bernhardt-walther_John",
	"SoftwareVersions": "syngo_MR_E11",
	"MRAcquisitionType": "2D",
	"SeriesDescription": "ep2d_bold_p1_s4_FPO_localizer1",
	"ProtocolName": "ep2d_bold_p1_s4_FPO_localizer1",
	"ScanningSequence": "EP",
	"SequenceVariant": "SK",
	"ScanOptions": "PFP_FS",
	"SequenceName": "_epfid2d1_110",
	"ImageType": [
		"ORIGINAL",
		"PRIMARY",
		"M",
		"ND",
		"NORM",
		"MOSAIC"
	],
	"SeriesNumber": 14,
	"AcquisitionTime": "10:14:13.032500",
	"AcquisitionNumber": 1,
	"SliceThickness": 2,
	"SpacingBetweenSlices": 2,
	"SAR": 0.0486721,
	"EchoTime": 0.032,
	"RepetitionTime": 2,
	"FlipAngle": 70,
	"PartialFourier": 0.875,
	"BaseResolution": 110,
	"ShimSetting": [-1028,-6928,-6389,504,-37,268,-34,-85],
	"TxRefAmp": 234.504,
	"PhaseResolution": 1,
	"ReceiveCoilName": "Head_32",
	"ReceiveCoilActiveElements": "HEA;HEP",
	"PulseSequenceDetails": "%SiemensSeq%_ep2d_bold",
	"ConsistencyInfo": "N4_VE11C_LATEST_20160120",
	"MultibandAccelerationFactor": 4,
	"PercentPhaseFOV": 100,
	"EchoTrainLength": 96,
	"PhaseEncodingSteps": 96,
	"AcquisitionMatrixPE": 110,
	"ReconMatrixPE": 110,
	"BandwidthPerPixelPhaseEncode": 16.234,
	"EffectiveEchoSpacing": 0.000559992,
	"DerivedVendorReportedEchoSpacing": 0.000559992,
	"TotalReadoutTime": 0.0610391,
	"PixelBandwidth": 2275,
	"DwellTime": 2e-06,
	"PhaseEncodingDirection": "j-",
	"SliceTiming": [0.9325,0,1.05,0.1175,1.165,0.235,1.2825,0.35,1.3975,0.4675,1.515,0.5825,1.6325,0.7,1.7475,0.8175,1.865,0.9325,0,1.05,0.1175,1.165,0.235,1.2825,0.35,1.3975,0.4675,1.515,0.5825,1.6325,0.7,1.7475,0.8175,1.865,0.9325,0,1.05,0.1175,1.165,0.235,1.2825,0.35,1.3975,0.4675,1.515,0.5825,1.6325,0.7,1.7475,0.8175,1.865,0.9325,0,1.05,0.1175,1.165,0.235,1.2825,0.35,1.3975,0.4675,1.515,0.5825,1.6325,0.7,1.7475,0.8175,1.865],
	"ImageOrientationPatientDICOM": [0.998002,0.0577,0.0257296,-0.055797,0.996028,-0.0693871],
	"InPlanePhaseEncodingDirectionDICOM": "COL",
	"ConversionSoftware": "dcm2niix",
	"ConversionSoftwareVersion": "v1.0.20180403 GCC5.4.0",
	"TaskName": "fpo"
}
