{
	"Modality": "MR",
	"MagneticFieldStrength": 3,
	"Manufacturer": "Siemens",
	"ManufacturersModelName": "Prisma",
	"InstitutionName": "University_of_Toronto",
	"InstitutionalDepartmentName": "Department",
	"InstitutionAddress": "Huron_325_TORONTO_ONTARIO_CA_M5S_3G3",
	"DeviceSerialNumber": "66108",
	"StationName": "AWP66108",
	"BodyPartExamined": "BRAIN",
	"PatientPosition": "HFS",
	"ProcedureStepDescription": "Bernhardt-walther_Yaelan",
	"SoftwareVersions": "syngo_MR_E11",
	"MRAcquisitionType": "2D",
	"SeriesDescription": "ep2d_bold_p1_s4_FPO_localizer1",
	"ProtocolName": "ep2d_bold_p1_s4_FPO_localizer1",
	"ScanningSequence": "EP",
	"SequenceVariant": "SK",
	"ScanOptions": "PFP_FS",
	"SequenceName": "_epfid2d1_110",
	"ImageType": ["ORIGINAL", "PRIMARY", "M", "ND", "NORM", "MOSAIC"],
	"SeriesNumber": 9,
	"AcquisitionTime": "11:18:23.905000",
	"AcquisitionNumber": 1,
	"SliceThickness": 2,
	"SpacingBetweenSlices": 2,
	"SAR": 0.0403052,
	"EchoTime": 0.032,
	"RepetitionTime": 2,
	"FlipAngle": 70,
	"PartialFourier": 0.875,
	"BaseResolution": 110,
	"ShimSetting": [
		-1023,
		-6931,
		-6473,
		179,
		9,
		181,
		-91,
		-15	],
	"TxRefAmp": 233.936,
	"PhaseResolution": 1,
	"ReceiveCoilName": "Head_32",
	"ReceiveCoilActiveElements": "HEA;HEP",
	"PulseSequenceDetails": "%SiemensSeq%_ep2d_bold",
	"ConsistencyInfo": "N4_VE11C_LATEST_20160120",
	"MultibandAccelerationFactor": 4,
	"PercentPhaseFOV": 100,
	"EchoTrainLength": 96,
	"PhaseEncodingSteps": 96,
	"AcquisitionMatrixPE": 110,
	"ReconMatrixPE": 110,
	"BandwidthPerPixelPhaseEncode": 16.234,
	"EffectiveEchoSpacing": 0.000559992,
	"DerivedVendorReportedEchoSpacing": 0.000559992,
	"TotalReadoutTime": 0.0610391,
	"PixelBandwidth": 2275,
	"DwellTime": 2e-06,
	"PhaseEncodingDirection": "j-",
	"SliceTiming": [
		0.93,
		0,
		1.0475,
		0.115,
		1.165,
		0.2325,
		1.28,
		0.3475,
		1.3975,
		0.465,
		1.5125,
		0.5825,
		1.63,
		0.6975,
		1.7475,
		0.815,
		1.8625,
		0.93,
		0,
		1.0475,
		0.115,
		1.165,
		0.2325,
		1.28,
		0.3475,
		1.3975,
		0.465,
		1.5125,
		0.5825,
		1.63,
		0.6975,
		1.7475,
		0.815,
		1.8625,
		0.93,
		0,
		1.0475,
		0.115,
		1.165,
		0.2325,
		1.28,
		0.3475,
		1.3975,
		0.465,
		1.5125,
		0.5825,
		1.63,
		0.6975,
		1.7475,
		0.815,
		1.8625,
		0.93,
		0,
		1.0475,
		0.115,
		1.165,
		0.2325,
		1.28,
		0.3475,
		1.3975,
		0.465,
		1.5125,
		0.5825,
		1.63,
		0.6975,
		1.7475,
		0.815,
		1.8625	],
	"ImageOrientationPatientDICOM": [
		0.999184,
		0.000192743,
		-0.0403995,
		-0.0104638,
		0.9671,
		-0.254182	],
	"InPlanePhaseEncodingDirectionDICOM": "COL",
	"ConversionSoftware": "dcm2niix",
	"ConversionSoftwareVersion": "v1.0.20180606 GCC4.8.2",
	"TaskName": "fpo"
}
